GEM
  remote: http://rubygems.org/
  specs:
    nokogiri (1.5.6)
    puma (1.6.3)
      rack (~> 1.2)
    rack (1.5.2)
    rack-protection (1.5.0)
      rack
    rake (10.0.3)
    sinatra (1.4.1)
      rack (~> 1.5, >= 1.5.2)
      rack-protection (~> 1.4)
      tilt (~> 1.3, >= 1.3.4)
    tilt (1.3.5)

PLATFORMS
  ruby

DEPENDENCIES
  nokogiri
  puma
  rack
  rake
  sinatra
