GEM
  remote: http://rubygems.org/
  specs:
    coderay (1.0.9)
    haml (4.0.0)
      tilt
    method_source (0.8.1)
    nokogiri (1.5.6)
    pry (0.9.12)
      coderay (~> 1.0.5)
      method_source (~> 0.8)
      slop (~> 3.4)
    puma (1.6.3)
      rack (~> 1.2)
    rack (1.5.2)
    rack-protection (1.5.0)
      rack
    rake (10.0.3)
    sinatra (1.4.1)
      rack (~> 1.5, >= 1.5.2)
      rack-protection (~> 1.4)
      tilt (~> 1.3, >= 1.3.4)
    slop (3.4.4)
    tilt (1.3.5)

PLATFORMS
  ruby

DEPENDENCIES
  haml
  nokogiri
  pry
  puma
  rack
  rake
  sinatra
