GEM
  remote: http://rubygems.org/
  specs:
    addressable (2.3.3)
    coderay (1.0.9)
    haml (4.0.2)
      tilt
    json (1.7.7)
    launchy (2.2.0)
      addressable (~> 2.3)
    method_source (0.8.1)
    mime-types (1.22)
    progressbar (0.20.0)
    pry (0.9.12)
      coderay (~> 1.0.5)
      method_source (~> 0.8)
      slop (~> 3.4)
    puma (2.1.1)
      rack (>= 1.1, < 2.0)
    rack (1.5.2)
    rack-protection (1.5.0)
      rack
    rack-test (0.6.2)
      rack (>= 1.0)
    rake (10.0.4)
    rest-client (1.6.7)
      mime-types (>= 1.16)
    shelly (0.2.16)
      json
      launchy
      progressbar
      rest-client
      wijet-thor (~> 0.14.9)
    sinatra (1.4.2)
      rack (~> 1.5, >= 1.5.2)
      rack-protection (~> 1.4)
      tilt (~> 1.3, >= 1.3.4)
    slop (3.4.4)
    tilt (1.3.6)
    wijet-thor (0.14.9)

PLATFORMS
  ruby

DEPENDENCIES
  haml
  pry
  puma (~> 2.1.1)
  rack
  rack-test
  rake
  shelly
  sinatra
